PATH
  remote: .
  specs:
    rulers (0.1.3)
      erubis (~> 2.7)
      multi_json
      rack (~> 2.2)
      rack-test (~> 1.1)

GEM
  remote: https://rubygems.org/
  specs:
    erubis (2.7.0)
    minitest (5.15.0)
    multi_json (1.15.0)
    rack (2.2.3.1)
    rack-test (1.1.0)
      rack (>= 1.0, < 3)
    rake (13.0.6)

PLATFORMS
  x86_64-darwin-21

DEPENDENCIES
  minitest (~> 5.0)
  rake (~> 13.0)
  rulers!

BUNDLED WITH
   2.3.14
