PATH
  remote: ../rulers
  specs:
    rulers (0.1.3)
      erubis (~> 2.7)
      multi_json (~> 1.15)
      rack (~> 2.2)
      rack-test (~> 1.1)

GEM
  remote: https://rubygems.org/
  specs:
    erubis (2.7.0)
    multi_json (1.15.0)
    nio4r (2.5.8)
    puma (5.6.4)
      nio4r (~> 2.0)
    rack (2.2.3.1)
    rack-test (1.1.0)
      rack (>= 1.0, < 3)

PLATFORMS
  x86_64-darwin-19
  x86_64-darwin-21

DEPENDENCIES
  puma (~> 5.6, >= 5.6.4)
  rulers!

BUNDLED WITH
   2.3.14
